GEM
  remote: http://rubygems.org/
  specs:
    actionmailer (2.3.5)
      actionpack (= 2.3.5)
    actionpack (2.3.5)
      activesupport (= 2.3.5)
      rack (~> 1.0.0)
    activerecord (2.3.5)
      activesupport (= 2.3.5)
    activeresource (2.3.5)
      activesupport (= 2.3.5)
    activesupport (2.3.5)
    authlogic (2.1.6)
      activesupport
    aws-s3 (0.6.2)
      builder
      mime-types
      xml-simple
    builder (3.0.0)
    calendar_date_select (1.16.2)
    desert (0.5.4)
    haml (3.0.25)
    hpricot (0.8.4)
    htmlentities (4.3.0)
    mime-types (1.16)
    rack (1.0.1)
    rails (2.3.5)
      actionmailer (= 2.3.5)
      actionpack (= 2.3.5)
      activerecord (= 2.3.5)
      activeresource (= 2.3.5)
      activesupport (= 2.3.5)
      rake (>= 0.8.3)
    rake (0.8.7)
    ri_cal (0.8.8)
    rmagick (2.13.1)
    searchlogic (2.4.28)
      activerecord (>= 2.0.0)
    sqlite3 (1.3.3)
    xml-simple (1.0.15)

PLATFORMS
  ruby

DEPENDENCIES
  activerecord (~> 2.3)
  activesupport (~> 2.3)
  authlogic (= 2.1.6)
  aws-s3 (= 0.6.2)
  builder (= 3.0.0)
  bundler (= 1.0.10)
  calendar_date_select (= 1.16.2)
  desert (= 0.5.4)
  haml (= 3.0.25)
  hpricot (= 0.8.4)
  htmlentities (= 4.3.0)
  mime-types (= 1.16)
  rack (= 1.0.1)
  rails (= 2.3.5)
  rake (= 0.8.7)
  ri_cal (= 0.8.8)
  rmagick (= 2.13.1)
  searchlogic
  sqlite3 (= 1.3.3)
  xml-simple (= 1.0.15)
